GEM
  remote: https://rubygems.org/
  specs:
    fileutils (0.7)
      rmagick (>= 2.13.1)
    rmagick (2.13.4)
    thor (0.19.1)

PLATFORMS
  ruby

DEPENDENCIES
  fileutils
  thor
