GEM
  remote: https://rubygems.org/
  specs:
    ftools (0.0.0)
    thor (0.19.1)

PLATFORMS
  ruby

DEPENDENCIES
  ftools
  thor
