GEM
  remote: https://rubygems.org/
  specs:
    builder (3.2.2)
    cucumber (1.3.19)
      builder (>= 2.1.2)
      diff-lcs (>= 1.1.3)
      gherkin (~> 2.12)
      multi_json (>= 1.7.5, < 2.0)
      multi_test (>= 0.1.2)
    diff-lcs (1.2.5)
    docile (1.1.5)
    fileutils (0.7)
      rmagick (>= 2.13.1)
    gherkin (2.12.2)
      multi_json (~> 1.3)
    multi_json (1.11.0)
    multi_test (0.1.2)
    rmagick (2.13.4)
    rspec (3.2.0)
      rspec-core (~> 3.2.0)
      rspec-expectations (~> 3.2.0)
      rspec-mocks (~> 3.2.0)
    rspec-core (3.2.1)
      rspec-support (~> 3.2.0)
    rspec-expectations (3.2.0)
      diff-lcs (>= 1.2.0, < 2.0)
      rspec-support (~> 3.2.0)
    rspec-mocks (3.2.1)
      diff-lcs (>= 1.2.0, < 2.0)
      rspec-support (~> 3.2.0)
    rspec-support (3.2.2)
    simplecov (0.9.2)
      docile (~> 1.1.0)
      multi_json (~> 1.0)
      simplecov-html (~> 0.9.0)
    simplecov-html (0.9.0)
    simplecov-teamcity-summary (0.1.1)
      simplecov
    thor (0.19.1)

PLATFORMS
  ruby

DEPENDENCIES
  cucumber
  fileutils
  rspec
  simplecov-teamcity-summary
  thor
